PATH
  remote: .
  specs:
    liquid_error_handler (0.1.0)
      liquid (~> 5.0)

GEM
  remote: https://rubygems.org/
  specs:
    ast (2.4.2)
    concurrent-ruby (1.1.9)
    devpack (0.3.3)
    diff-lcs (1.4.4)
    i18n (1.8.11)
      concurrent-ruby (~> 1.0)
    liquid (5.1.0)
    paint (2.2.1)
    parallel (1.21.0)
    parser (3.0.3.2)
      ast (~> 2.4.1)
    rainbow (3.0.0)
    rake (13.0.6)
    regexp_parser (2.2.0)
    rexml (3.2.5)
    rspec (3.10.0)
      rspec-core (~> 3.10.0)
      rspec-expectations (~> 3.10.0)
      rspec-mocks (~> 3.10.0)
    rspec-core (3.10.1)
      rspec-support (~> 3.10.0)
    rspec-expectations (3.10.1)
      diff-lcs (>= 1.2.0, < 2.0)
      rspec-support (~> 3.10.0)
    rspec-file_fixtures (0.1.4)
      rspec (~> 3.0)
    rspec-mocks (3.10.2)
      diff-lcs (>= 1.2.0, < 2.0)
      rspec-support (~> 3.10.0)
    rspec-support (3.10.3)
    rubocop (1.23.0)
      parallel (~> 1.10)
      parser (>= 3.0.0.0)
      rainbow (>= 2.2.2, < 4.0)
      regexp_parser (>= 1.8, < 3.0)
      rexml
      rubocop-ast (>= 1.12.0, < 2.0)
      ruby-progressbar (~> 1.7)
      unicode-display_width (>= 1.4.0, < 3.0)
    rubocop-ast (1.15.0)
      parser (>= 3.0.1.1)
    rubocop-rake (0.6.0)
      rubocop (~> 1.0)
    rubocop-rspec (2.6.0)
      rubocop (~> 1.19)
    ruby-progressbar (1.11.0)
    strong_versions (0.4.5)
      i18n (>= 0.5)
      paint (~> 2.0)
    unicode-display_width (2.1.0)

PLATFORMS
  x86_64-linux

DEPENDENCIES
  devpack (~> 0.3.3)
  liquid_error_handler!
  rake (~> 13.0)
  rspec (~> 3.10)
  rspec-file_fixtures (~> 0.1.4)
  rubocop (~> 1.23)
  rubocop-rake (~> 0.6.0)
  rubocop-rspec (~> 2.6)
  strong_versions (~> 0.4.5)

BUNDLED WITH
   2.2.33
